GEM
  remote: https://rubygems.org/
  specs:
    activemodel (4.2.0)
      activesupport (= 4.2.0)
      builder (~> 3.1)
    activerecord (4.2.0)
      activemodel (= 4.2.0)
      activesupport (= 4.2.0)
      arel (~> 6.0)
    activesupport (4.2.0)
      i18n (~> 0.7)
      json (~> 1.7, >= 1.7.7)
      minitest (~> 5.1)
      thread_safe (~> 0.3, >= 0.3.4)
      tzinfo (~> 1.1)
    arel (6.0.0)
    builder (3.2.2)
    configatron (4.5.0)
    crack (0.4.2)
      safe_yaml (~> 1.0.0)
    hashie (3.4.0)
    httparty (0.13.3)
      json (~> 1.8)
      multi_xml (>= 0.5.2)
    i18n (0.7.0)
    json (1.8.2)
    jsonpath (0.5.6)
      multi_json
    mini_portile (0.6.2)
    minitest (5.5.1)
    multi_json (1.10.1)
    multi_xml (0.5.5)
    nokogiri (1.6.6.2)
      mini_portile (~> 0.6.0)
    nokogiri (1.6.6.2-x86-mingw32)
      mini_portile (~> 0.6.0)
    ruby-oci8 (2.1.7)
    safe_yaml (1.0.4)
    sequel (4.0.0)
    soda-ruby (0.2.13)
      hashie
    sqlite3 (1.3.10)
    sqlite3 (1.3.10-x86-mingw32)
    thread_safe (0.3.4)
    tzinfo (1.2.2)
      thread_safe (~> 0.1)

PLATFORMS
  ruby
  x86-mingw32

DEPENDENCIES
  activerecord
  configatron
  crack
  hashie
  httparty
  json
  jsonpath
  nokogiri
  ruby-oci8 (~> 2.1.5)
  sequel (~> 4.0.0)
  soda-ruby
  sqlite3 (~> 1.3.8)
