GEM
  remote: https://rubygems.org/
  specs:
    activemodel (4.2.0)
      activesupport (= 4.2.0)
      builder (~> 3.1)
    activerecord (4.2.0)
      activemodel (= 4.2.0)
      activesupport (= 4.2.0)
      arel (~> 6.0)
    activesupport (4.2.0)
      i18n (~> 0.7)
      json (~> 1.7, >= 1.7.7)
      minitest (~> 5.1)
      thread_safe (~> 0.3, >= 0.3.4)
      tzinfo (~> 1.1)
    addressable (2.2.8)
    arel (6.0.0)
    builder (3.2.2)
    configatron (4.5.0)
    crack (0.4.2)
      safe_yaml (~> 1.0.0)
    faraday (0.7.6)
      addressable (~> 2.2)
      multipart-post (~> 1.1)
      rack (~> 1.1)
    faraday_middleware (0.7.0)
      faraday (~> 0.7.3)
    hashie (1.1.0)
    httparty (0.13.3)
      json (~> 1.8)
      multi_xml (>= 0.5.2)
    i18n (0.7.0)
    icalendar (2.2.2)
    json (1.8.2)
    jsonpath (0.5.6)
      multi_json
    mini_portile (0.6.2)
    minitest (5.5.1)
    multi_json (1.0.4)
    multi_xml (0.5.5)
    multipart-post (1.2.0)
    nokogiri (1.6.6.2)
      mini_portile (~> 0.6.0)
    nokogiri (1.6.6.2-x86-mingw32)
      mini_portile (~> 0.6.0)
    rack (1.6.0)
    rash (0.3.1)
      hashie (~> 1.1.0)
    ruby-oci8 (2.1.7)
    ruby-oci8 (2.1.7-x86-mingw32)
    safe_yaml (1.0.4)
    seeclickfix (0.0.5)
      addressable (~> 2.2.6)
      faraday (~> 0.7.4)
      faraday_middleware (~> 0.7.0)
      hashie (~> 1.1.0)
      multi_json (~> 1.0.2)
      rash (~> 0.3.0)
    sequel (4.0.0)
    soda-ruby (0.2.13)
      hashie
    sqlite3 (1.3.10)
    sqlite3 (1.3.10-x86-mingw32)
    thread_safe (0.3.4)
    tzinfo (1.2.2)
      thread_safe (~> 0.1)

PLATFORMS
  ruby
  x86-mingw32

DEPENDENCIES
  activerecord
  configatron
  crack
  hashie
  httparty
  icalendar
  json
  jsonpath
  nokogiri
  ruby-oci8 (~> 2.1.5)
  seeclickfix
  sequel (~> 4.0.0)
  soda-ruby
  sqlite3 (~> 1.3.8)
