GEM
  remote: https://rubygems.org/
  specs:
    configatron (4.2.0)
    hashie (3.2.0)
    json (1.8.1)
    ruby-oci8 (2.1.7-x86-mingw32)
    sequel (4.0.0)
    soda-ruby (0.2.12)
      hashie
    sqlite3 (1.3.9-x86-mingw32)

PLATFORMS
  x86-mingw32

DEPENDENCIES
  configatron
  hashie
  json
  ruby-oci8 (~> 2.1.5)
  sequel (~> 4.0.0)
  soda-ruby
  sqlite3 (~> 1.3.8)
